GEM
  remote: https://rubygems.org/
  specs:
    daemons (1.2.3)
    domain_name (0.5.24)
      unf (>= 0.0.5, < 1.0.0)
    eventmachine (1.0.8)
    http-cookie (1.0.2)
      domain_name (~> 0.5)
    kramdown (1.8.0)
    mime-types (2.6.2)
    mini_portile (0.6.2)
    multi_json (1.10.1)
    mustache (1.0.2)
    netrc (0.10.3)
    nokogiri (1.6.6.2)
      mini_portile (~> 0.6.0)
    progressbar (0.21.0)
    rack (1.6.4)
    rest-client (1.8.0)
      http-cookie (>= 1.0.2, < 2.0)
      mime-types (>= 1.16, < 3.0)
      netrc (~> 0.7)
    thin (1.6.4)
      daemons (~> 1.0, >= 1.0.9)
      eventmachine (~> 1.0, >= 1.0.4)
      rack (~> 1.0)
    unf (0.1.4)
      unf_ext
    unf_ext (0.0.7.1)
    viddl-rb (1.1.1)
      multi_json (~> 1.10.0)
      nokogiri (~> 1.6.0)
      progressbar (~> 0.21)
      rest-client

PLATFORMS
  ruby

DEPENDENCIES
  kramdown
  mustache
  rack
  thin
  viddl-rb

BUNDLED WITH
   1.10.6
